GEM
  remote: https://rubygems.org/
  specs:
    backports (3.11.1)
    foreman (0.84.0)
      thor (~> 0.19.1)
    multi_json (1.13.1)
    mustermann (1.0.1)
    rack (2.2.2)
    rack-protection (2.0.0)
      rack
    redis (4.0.1)
    sinatra (2.0.0)
      mustermann (~> 1.0)
      rack (~> 2.0)
      rack-protection (= 2.0.0)
      tilt (~> 2.0)
    sinatra-contrib (2.0.0)
      backports (>= 2.0)
      multi_json
      mustermann (~> 1.0)
      rack-protection (= 2.0.0)
      sinatra (= 2.0.0)
      tilt (>= 1.3, < 3)
    staccato (0.5.1)
    thor (0.19.4)
    tilt (2.0.8)

PLATFORMS
  ruby

DEPENDENCIES
  foreman
  redis
  sinatra
  sinatra-contrib
  staccato

RUBY VERSION
   ruby 2.4.0p0

BUNDLED WITH
   1.16.0
